GIT
  remote: git://github.com/MaslovAnton/spree-recently-viewed.git
  revision: 5a66ca6fdd2f2b8048a9ed20532df2d2968f6cbe
  specs:
    spree_recently_viewed (1.0.0)
      spree_core (>= 0.40.0)

GIT
  remote: git://github.com/MaslovAnton/spree-reviews.git
  revision: 6cab323e52f0e8adc50e63eb0696fec23b597b46
  specs:
    spree_reviews (0.50.1)
      spree_core (>= 0.50.0)

GIT
  remote: git://github.com/MaslovAnton/spree_contact_us.git
  revision: d3b23ea8617e8609689d3e4f4e5471f7eb0e4b7f
  specs:
    contact_us (2.0.0)
      dynamic_form
      formtastic
      recaptcha
      spree_core

GIT
  remote: git://github.com/MaslovAnton/spree_variant_options.git
  revision: 477caddb7744e0a67f4e2f3d2b7217f641943561
  branch: master
  specs:
    spree_variant_options (0.1.1)
      spree_core (>= 0.30.1)

GIT
  remote: git://github.com/MaslovAnton/synergy_default_theme.git
  revision: b2bdc1a4399881496a22b434b0f536b6acedf02c
  specs:
    synergy_default_theme (1.0.2)
      dalli (~> 1.0.3)
      synergy

GIT
  remote: git://github.com/romul/spree_compare_products.git
  revision: 2ad17e813790cdd6b9aef567e3e8cee3d523b23d
  specs:
    spree_compare_products (0.40.90)
      spree_core (>= 0.40.99)

GIT
  remote: git://github.com/spree/spree.git
  revision: 676b5c47990caad4483659ba4eff52c76a2e73ed
  branch: 0-60-stable
  specs:
    spree (0.60.1)
      spree_api (= 0.60.1)
      spree_auth (= 0.60.1)
      spree_core (= 0.60.1)
      spree_dash (= 0.60.1)
      spree_promo (= 0.60.1)
      spree_sample (= 0.60.1)
    spree_api (0.60.1)
      spree_auth (= 0.60.1)
      spree_core (= 0.60.1)
    spree_auth (0.60.1)
      cancan (= 1.6.4)
      devise (= 1.3.3)
      spree_core (= 0.60.1)
    spree_core (0.60.1)
      activemerchant (= 1.15.0)
      acts_as_list (= 0.1.2)
      faker (= 0.9.5)
      highline (= 1.5.1)
      jquery-rails (= 0.2.6)
      meta_search (= 1.0.5)
      nested_set (= 1.6.7)
      paperclip (= 2.3.11)
      rails (= 3.0.9)
      rd_find_by_param (= 0.1.1)
      rd_resource_controller
      rd_unobtrusive_date_picker (= 0.1.0)
      state_machine (= 0.9.4)
      stringex (= 1.0.3)
      will_paginate (= 3.0.pre2)
    spree_dash (0.60.1)
      spree_core (= 0.60.1)
    spree_promo (0.60.1)
      spree_core (= 0.60.1)
    spree_sample (0.60.1)
      spree_core (= 0.60.1)

GIT
  remote: git://github.com/spree/spree_i18n.git
  revision: dc9c335bc190f0750319da6f727d9cdf770791fe
  specs:
    spree_i18n (1.0.0)
      spree_core (>= 0.30.0)

GEM
  remote: http://rubygems.org/
  specs:
    abstract (1.0.0)
    actionmailer (3.0.9)
      actionpack (= 3.0.9)
      mail (~> 2.2.19)
    actionpack (3.0.9)
      activemodel (= 3.0.9)
      activesupport (= 3.0.9)
      builder (~> 2.1.2)
      erubis (~> 2.6.6)
      i18n (~> 0.5.0)
      rack (~> 1.2.1)
      rack-mount (~> 0.6.14)
      rack-test (~> 0.5.7)
      tzinfo (~> 0.3.23)
    activemerchant (1.15.0)
      activesupport (>= 2.3.8)
      braintree (>= 2.0.0)
      builder (>= 2.0.0)
    activemodel (3.0.9)
      activesupport (= 3.0.9)
      builder (~> 2.1.2)
      i18n (~> 0.5.0)
    activerecord (3.0.9)
      activemodel (= 3.0.9)
      activesupport (= 3.0.9)
      arel (~> 2.0.10)
      tzinfo (~> 0.3.23)
    activeresource (3.0.9)
      activemodel (= 3.0.9)
      activesupport (= 3.0.9)
    activesupport (3.0.9)
    acts_as_list (0.1.2)
    arel (2.0.10)
    bcrypt-ruby (2.1.4)
    braintree (2.10.2)
      builder (>= 2.0.0)
    builder (2.1.2)
    cancan (1.6.4)
    capistrano (2.6.0)
      highline
      net-scp (>= 1.0.0)
      net-sftp (>= 2.0.0)
      net-ssh (>= 2.0.14)
      net-ssh-gateway (>= 1.1.0)
    capistrano-deploy (0.1.2)
      capistrano (~> 2.6.0)
    dalli (1.0.5)
    devise (1.3.3)
      bcrypt-ruby (~> 2.1.2)
      orm_adapter (~> 0.0.3)
      warden (~> 1.0.3)
    dynamic_form (1.1.4)
    erubis (2.6.6)
      abstract (>= 1.0.0)
    faker (0.9.5)
      i18n (~> 0.4)
    formtastic (1.2.4)
      actionpack (>= 2.3.7)
      activesupport (>= 2.3.7)
      i18n (~> 0.4)
    highline (1.5.1)
    i18n (0.5.0)
    jquery-rails (0.2.6)
      rails (~> 3.0)
      thor (~> 0.14.4)
    json (1.5.3)
    kgio (2.6.0)
    mail (2.2.19)
      activesupport (>= 2.3.6)
      i18n (>= 0.4.0)
      mime-types (~> 1.16)
      treetop (~> 1.4.8)
    meta_search (1.0.5)
      actionpack (~> 3.0.2)
      activerecord (~> 3.0.2)
      activesupport (~> 3.0.2)
      arel (~> 2.0.2)
    mime-types (1.16)
    mysql2 (0.2.13)
    nested_set (1.6.7)
      activerecord (>= 3.0.0)
      railties (>= 3.0.0)
    net-scp (1.0.4)
      net-ssh (>= 1.99.1)
    net-sftp (2.0.5)
      net-ssh (>= 2.0.9)
    net-ssh (2.1.4)
    net-ssh-gateway (1.1.0)
      net-ssh (>= 1.99.1)
    nokogiri (1.4.7)
    orm_adapter (0.0.5)
    paperclip (2.3.11)
      activerecord (>= 2.3.0)
      activesupport (>= 2.3.2)
    polyglot (0.3.2)
    rack (1.2.3)
    rack-mount (0.6.14)
      rack (>= 1.0.0)
    rack-test (0.5.7)
      rack (>= 1.0)
    rails (3.0.9)
      actionmailer (= 3.0.9)
      actionpack (= 3.0.9)
      activerecord (= 3.0.9)
      activeresource (= 3.0.9)
      activesupport (= 3.0.9)
      bundler (~> 1.0)
      railties (= 3.0.9)
    railties (3.0.9)
      actionpack (= 3.0.9)
      activesupport (= 3.0.9)
      rake (>= 0.8.7)
      rdoc (~> 3.4)
      thor (~> 0.14.4)
    raindrops (0.7.0)
    rake (0.9.2)
    rd_find_by_param (0.1.1)
      activerecord (~> 3.0)
      activesupport (~> 3.0)
    rd_resource_controller (1.0.1)
    rd_unobtrusive_date_picker (0.1.0)
    rdoc (3.9.2)
    recaptcha (0.3.1)
    spree_address_book (0.50.2)
      spree_auth (>= 0.50.0)
      spree_core (>= 0.50.0)
    spree_dynamic_sitemaps (0.50.1)
    spree_editor (0.50.1)
      spree_core (>= 0.40.0)
    spree_online_support (0.50.0)
      spree_core (>= 0.40.3)
    spree_robokassa (0.50.2)
      spree_core (>= 0.40.0)
    spree_static_content (0.60.1)
      formtastic (~> 1.2.3)
      spree_core (>= 0.60.0)
      spree_editor (>= 0.50.0)
    spree_yandex_market (1.2.0)
      nokogiri (~> 1.4.0)
      spree_core (>= 0.50.0)
    state_machine (0.9.4)
    stringex (1.0.3)
    synergy (0.60.0)
      json (~> 1.5.1)
      nokogiri (~> 1.4.4)
      spree (~> 0.60.0)
      spree_address_book (~> 0.50.1)
      spree_dynamic_sitemaps (~> 0.50.1)
      spree_editor (~> 0.50.1)
      spree_online_support (~> 0.50.0)
      spree_robokassa (~> 0.50.2)
      spree_static_content (~> 0.60.1)
      spree_yandex_market (~> 1.2.0)
      synergy_russian (= 0.2.8)
    synergy_russian (0.2.8)
    thor (0.14.6)
    treetop (1.4.10)
      polyglot
      polyglot (>= 0.3.1)
    tzinfo (0.3.29)
    unicorn (4.0.1)
      kgio (~> 2.4)
      rack
      raindrops (~> 0.6)
    warden (1.0.5)
      rack (>= 1.0)
    will_paginate (3.0.pre2)

PLATFORMS
  ruby

DEPENDENCIES
  capistrano-deploy (~> 0.1.1)
  contact_us!
  dynamic_form
  formtastic
  mysql2 (~> 0.2.7)
  rails (= 3.0.9)
  recaptcha
  spree!
  spree_compare_products!
  spree_i18n!
  spree_recently_viewed!
  spree_reviews!
  spree_variant_options!
  synergy (~> 0.60.0)
  synergy_default_theme!
  unicorn (~> 4.0.1)
