GIT
  remote: git://github.com/MaslovAnton/spree-vendors.git
  revision: 47e63aa5e71b68a228ac1efa351e8d6b500b58ca
  specs:
    spree_vendors (1.0.0)
      haml
      spree_core (>= 0.40.3)

GIT
  remote: git://github.com/MaslovAnton/spree.git
  revision: 1b29fa303e43228ae262acd7979ac178bd92f75a
  tag: v0.60.6
  specs:
    spree (0.60.6)
      spree_api (= 0.60.6)
      spree_auth (= 0.60.6)
      spree_core (= 0.60.6)
      spree_dash (= 0.60.6)
      spree_promo (= 0.60.6)
      spree_sample (= 0.60.6)
    spree_api (0.60.6)
      spree_auth (= 0.60.6)
      spree_core (= 0.60.6)
    spree_auth (0.60.6)
      cancan (= 1.6.4)
      devise (= 1.3.3)
      spree_core (= 0.60.6)
    spree_core (0.60.6)
      activemerchant (= 1.15.0)
      acts_as_list (= 0.1.2)
      faker (= 0.9.5)
      highline (= 1.5.1)
      jquery-rails (= 0.2.6)
      meta_search (= 1.0.5)
      nested_set (= 1.6.7)
      paperclip (= 2.3.11)
      rails (>= 3.0.10, <= 3.0.12)
      rd_find_by_param (= 0.1.1)
      rd_resource_controller
      rd_unobtrusive_date_picker (= 0.1.0)
      state_machine (= 0.9.4)
      stringex (= 1.0.3)
      will_paginate (= 3.0.2)
    spree_dash (0.60.6)
      spree_core (= 0.60.6)
    spree_promo (0.60.6)
      spree_core (= 0.60.6)
    spree_sample (0.60.6)
      spree_core (= 0.60.6)

GIT
  remote: git://github.com/MaslovAnton/spree_contact_us.git
  revision: d3b23ea8617e8609689d3e4f4e5471f7eb0e4b7f
  specs:
    contact_us (2.0.0)
      dynamic_form
      formtastic
      recaptcha
      spree_core

GIT
  remote: git://github.com/MaslovAnton/spree_free_shipping.git
  revision: b379c2ee87ed84871089c76fc0ec3154d8ec9490
  specs:
    spree_free_shipping (0.60.2)
      spree_core (>= 0.50.1)

GIT
  remote: git://github.com/MaslovAnton/spree_related_products.git
  revision: fd684a1196b587bc752c2ac521c1d182e6d44fa6
  specs:
    spree_related_products (3.1)
      spree_core (>= 0.30.0)

GIT
  remote: git://github.com/MaslovAnton/spree_social.git
  revision: acb5b56d17c456463be04a47f69cb5b34f46ed21
  specs:
    spree_social (1.2)
      evernote
      oa-oauth (>= 0.2.4)
      spree_auth (>= 0.40.0)
      spree_core (>= 0.40.0)

GIT
  remote: git://github.com/MaslovAnton/spree_variant_options.git
  revision: 6b6034b442c6d1aba4b8b5f964cc215a9bc07708
  branch: masteer
  specs:
    spree_variant_options (0.1.1)
      spree_core (>= 0.30.1)

GIT
  remote: git://github.com/MaslovAnton/spree_wishlist.git
  revision: 8966f7c5952bdecedf91784609149ee22a32b744
  specs:
    spree_wishlist (1.1)
      spree_auth (>= 0.30.0)
      spree_core (>= 0.30.0)
      spree_email_to_friend (>= 0.30.0.beta2)

GIT
  remote: git://github.com/MaslovAnton/synergy_default_theme.git
  revision: 0df6df2577a5d95884a9244827c6492ff2bd4fcb
  specs:
    synergy_default_theme (1.0.2)
      dalli (~> 1.0.3)
      synergy

GIT
  remote: git://github.com/pdamer/spree_store_credits.git
  revision: cf5ada1f3acc3131e6ae6b7ab79d03eae6886777
  branch: 0-60-x
  specs:
    spree_store_credits (1.0.1)
      spree_core (>= 0.30.1)

GIT
  remote: git://github.com/romul/spree-reviews.git
  revision: b51e282d80ac0db539a08bd78ba46bcdb86ca2fc
  specs:
    spree_reviews (0.50.1)
      spree_core (>= 0.50.0)

GIT
  remote: git://github.com/romul/spree_compare_products.git
  revision: 2ad17e813790cdd6b9aef567e3e8cee3d523b23d
  specs:
    spree_compare_products (0.40.90)
      spree_core (>= 0.40.99)

GIT
  remote: git://github.com/secoint/synergy.git
  revision: a1723e69d8ab4bf4ed551ba887d64e37aaefef5d
  branch: 0-60-stable
  specs:
    synergy (0.60.1)
      json (~> 1.5.1)
      nokogiri (~> 1.4.4)
      ru_propisju (~> 1.1.0)
      spree (~> 0.60.0)
      spree_address_book (~> 0.50.1)
      spree_dynamic_sitemaps (~> 0.50.1)
      spree_editor (~> 0.50.1)
      spree_online_support (~> 0.50.0)
      spree_robokassa (~> 0.50.2)
      spree_static_content (~> 0.60.1)
      spree_yandex_market (~> 1.2.0)
      synergy_russian (= 0.2.8)

GIT
  remote: git://github.com/secoint/synergy_inventory_management.git
  revision: 486bf5819ecd92311a66424b4d9707d215dc02c7
  branch: 0-60
  specs:
    synergy_inventory_management (0.2)
      spree_core (>= 0.60.1)

GIT
  remote: git://github.com/spree/spree_email_to_friend.git
  revision: 34e52d987be882f6cba783144a9ebfff30b90e15
  ref: 34e52d987be882f6cba783144a9ebfff30b90e15
  specs:
    spree_email_to_friend (1.1)
      recaptcha (>= 0.3.1)
      spree_auth (>= 0.30.1)
      spree_core (>= 0.30.1)

GIT
  remote: git://github.com/spree/spree_i18n.git
  revision: a185d160047ce54f07bd47f7d417d9e2681fbb07
  ref: a185d160047ce54f07bd47f7d417d9e2681fbb07
  specs:
    spree_i18n (1.0.0)
      spree_core (>= 0.30.0)

GIT
  remote: git://github.com/spree/spree_recently_viewed.git
  revision: 8e466bca18d6e297a946a32b0d2148764b519a87
  branch: 0-60-stable
  specs:
    spree_recently_viewed (1.1)
      spree_core (>= 0.40.0)

GEM
  remote: http://rubygems.org/
  specs:
    abstract (1.0.0)
    actionmailer (3.0.12)
      actionpack (= 3.0.12)
      mail (~> 2.2.19)
    actionpack (3.0.12)
      activemodel (= 3.0.12)
      activesupport (= 3.0.12)
      builder (~> 2.1.2)
      erubis (~> 2.6.6)
      i18n (~> 0.5.0)
      rack (~> 1.2.5)
      rack-mount (~> 0.6.14)
      rack-test (~> 0.5.7)
      tzinfo (~> 0.3.23)
    activemerchant (1.15.0)
      activesupport (>= 2.3.8)
      braintree (>= 2.0.0)
      builder (>= 2.0.0)
    activemodel (3.0.12)
      activesupport (= 3.0.12)
      builder (~> 2.1.2)
      i18n (~> 0.5.0)
    activerecord (3.0.12)
      activemodel (= 3.0.12)
      activesupport (= 3.0.12)
      arel (~> 2.0.10)
      tzinfo (~> 0.3.23)
    activeresource (3.0.12)
      activemodel (= 3.0.12)
      activesupport (= 3.0.12)
    activesupport (3.0.12)
    acts_as_list (0.1.2)
    addressable (2.2.8)
    arel (2.0.10)
    bcrypt-ruby (2.1.4)
    braintree (2.16.0)
      builder (>= 2.0.0)
    builder (2.1.2)
    cancan (1.6.4)
    capistrano (2.6.0)
      highline
      net-scp (>= 1.0.0)
      net-sftp (>= 2.0.0)
      net-ssh (>= 2.0.14)
      net-ssh-gateway (>= 1.1.0)
    capistrano-deploy (0.1.2)
      capistrano (~> 2.6.0)
    columnize (0.3.6)
    dalli (1.0.5)
    devise (1.3.3)
      bcrypt-ruby (~> 2.1.2)
      orm_adapter (~> 0.0.3)
      warden (~> 1.0.3)
    dynamic_form (1.1.4)
    erubis (2.6.6)
      abstract (>= 1.0.0)
    evernote (1.2.1)
      thrift_client (>= 0.8.1)
    faker (0.9.5)
      i18n (~> 0.4)
    faraday (0.7.6)
      addressable (~> 2.2)
      multipart-post (~> 1.1)
      rack (~> 1.1)
    formtastic (1.2.4)
      actionpack (>= 2.3.7)
      activesupport (>= 2.3.7)
      i18n (~> 0.4)
    haml (3.1.6)
    highline (1.5.1)
    i18n (0.5.0)
    jquery-rails (0.2.6)
      rails (~> 3.0)
      thor (~> 0.14.4)
    json (1.5.4)
    kgio (2.7.4)
    linecache (0.46)
      rbx-require-relative (> 0.0.4)
    mail (2.2.19)
      activesupport (>= 2.3.6)
      i18n (>= 0.4.0)
      mime-types (~> 1.16)
      treetop (~> 1.4.8)
    meta_search (1.0.5)
      actionpack (~> 3.0.2)
      activerecord (~> 3.0.2)
      activesupport (~> 3.0.2)
      arel (~> 2.0.2)
    mime-types (1.18)
    multi_json (1.0.4)
    multi_xml (0.4.4)
    multipart-post (1.1.5)
    mysql2 (0.2.6)
    nested_set (1.6.7)
      activerecord (>= 3.0.0)
      railties (>= 3.0.0)
    net-scp (1.0.4)
      net-ssh (>= 1.99.1)
    net-sftp (2.0.5)
      net-ssh (>= 2.0.9)
    net-ssh (2.5.2)
    net-ssh-gateway (1.1.0)
      net-ssh (>= 1.99.1)
    nokogiri (1.4.7)
    oa-core (0.3.2)
    oa-oauth (0.3.2)
      faraday (~> 0.7.3)
      multi_json (~> 1.0.0)
      multi_xml (~> 0.4.0)
      oa-core (= 0.3.2)
      oauth (~> 0.4.0)
      oauth2 (~> 0.5.0)
    oauth (0.4.6)
    oauth2 (0.5.2)
      faraday (~> 0.7)
      multi_json (~> 1.0)
    orm_adapter (0.0.7)
    paperclip (2.3.11)
      activerecord (>= 2.3.0)
      activesupport (>= 2.3.2)
    polyglot (0.3.3)
    rack (1.2.5)
    rack-mount (0.6.14)
      rack (>= 1.0.0)
    rack-test (0.5.7)
      rack (>= 1.0)
    rails (3.0.12)
      actionmailer (= 3.0.12)
      actionpack (= 3.0.12)
      activerecord (= 3.0.12)
      activeresource (= 3.0.12)
      activesupport (= 3.0.12)
      bundler (~> 1.0)
      railties (= 3.0.12)
    railties (3.0.12)
      actionpack (= 3.0.12)
      activesupport (= 3.0.12)
      rake (>= 0.8.7)
      rdoc (~> 3.4)
      thor (~> 0.14.4)
    raindrops (0.9.0)
    rake (0.9.2.2)
    rbx-require-relative (0.0.9)
    rd_find_by_param (0.1.1)
      activerecord (~> 3.0)
      activesupport (~> 3.0)
    rd_resource_controller (1.0.1)
    rd_unobtrusive_date_picker (0.1.0)
    rdoc (3.12)
      json (~> 1.4)
    recaptcha (0.3.4)
    ru_propisju (1.1.0)
    ruby-debug (0.10.4)
      columnize (>= 0.1)
      ruby-debug-base (~> 0.10.4.0)
    ruby-debug-base (0.10.4)
      linecache (>= 0.3)
    sass (3.1.19)
    spree_address_book (0.50.2)
      spree_auth (>= 0.50.0)
      spree_core (>= 0.50.0)
    spree_dynamic_sitemaps (0.50.1)
    spree_editor (0.50.1)
      spree_core (>= 0.40.0)
    spree_online_support (0.50.0)
      spree_core (>= 0.40.3)
    spree_robokassa (0.50.2)
      spree_core (>= 0.40.0)
    spree_static_content (0.60.1)
      formtastic (~> 1.2.3)
      spree_core (>= 0.60.0)
      spree_editor (>= 0.50.0)
    spree_yandex_market (1.2.0)
      nokogiri (~> 1.4.0)
      spree_core (>= 0.50.0)
    state_machine (0.9.4)
    stringex (1.0.3)
    synergy_russian (0.2.8)
    thor (0.14.6)
    thrift (0.8.0)
    thrift_client (0.8.1)
      thrift (~> 0.8.0)
    treetop (1.4.10)
      polyglot
      polyglot (>= 0.3.1)
    tzinfo (0.3.33)
    unicorn (4.3.1)
      kgio (~> 2.6)
      rack
      raindrops (~> 0.7)
    warden (1.0.6)
      rack (>= 1.0)
    will_paginate (3.0.2)

PLATFORMS
  ruby

DEPENDENCIES
  capistrano-deploy (~> 0.1.1)
  contact_us!
  dynamic_form
  formtastic
  haml
  mysql2 (= 0.2.6)
  rails (= 3.0.12)
  recaptcha
  ruby-debug
  sass
  spree!
  spree_compare_products!
  spree_email_to_friend!
  spree_free_shipping!
  spree_i18n!
  spree_recently_viewed!
  spree_related_products!
  spree_reviews!
  spree_social!
  spree_store_credits!
  spree_variant_options!
  spree_vendors!
  spree_wishlist!
  synergy!
  synergy_default_theme!
  synergy_inventory_management!
  unicorn
